GEM
  remote: https://rubygems.org/
  specs:
    byebug (11.1.3)
    coderay (1.1.3)
    disco (0.3.2)
      libmf (>= 0.2.0)
      numo-narray
    ffi (1.15.5)
    libmf (0.3.0)
      ffi
    method_source (1.0.0)
    nokogiri (1.13.9-x86_64-linux)
      racc (~> 1.4)
    numo-narray (0.9.2.1)
    pry (0.14.1)
      coderay (~> 1.1)
      method_source (~> 1.0)
    pry-byebug (3.10.1)
      byebug (~> 11.0)
      pry (>= 0.13, < 0.15)
    racc (1.6.0)

PLATFORMS
  x86_64-linux

DEPENDENCIES
  disco
  nokogiri
  pry-byebug

BUNDLED WITH
   2.3.7
